RESTRICTION: >= net461
NUGET
  remote: https://www.nuget.org/api/v2
    FAKE (4.63.2)
    FSharp.Core (4.2.3)
      System.Collections (>= 4.0.11) - restriction: && (>= net461) (>= netstandard1.6)
      System.Console (>= 4.0) - restriction: && (>= net461) (>= netstandard1.6)
      System.Diagnostics.Debug (>= 4.0.11) - restriction: && (>= net461) (>= netstandard1.6)
      System.Diagnostics.Tools (>= 4.0.1) - restriction: && (>= net461) (>= netstandard1.6)
      System.Globalization (>= 4.0.11) - restriction: && (>= net461) (>= netstandard1.6)
      System.IO (>= 4.1) - restriction: && (>= net461) (>= netstandard1.6)
      System.Linq (>= 4.1) - restriction: && (>= net461) (>= netstandard1.6)
      System.Linq.Expressions (>= 4.1) - restriction: && (>= net461) (>= netstandard1.6)
      System.Linq.Queryable (>= 4.0.1) - restriction: && (>= net461) (>= netstandard1.6)
      System.Net.Requests (>= 4.0.11) - restriction: && (>= net461) (>= netstandard1.6)
      System.Reflection (>= 4.1) - restriction: && (>= net461) (>= netstandard1.6)
      System.Reflection.Extensions (>= 4.0.1) - restriction: && (>= net461) (>= netstandard1.6)
      System.Resources.ResourceManager (>= 4.0.1) - restriction: && (>= net461) (>= netstandard1.6)
      System.Runtime (>= 4.1) - restriction: && (>= net461) (>= netstandard1.6)
      System.Runtime.Extensions (>= 4.1) - restriction: && (>= net461) (>= netstandard1.6)
      System.Runtime.Numerics (>= 4.0.1) - restriction: && (>= net461) (>= netstandard1.6)
      System.Text.RegularExpressions (>= 4.1) - restriction: && (>= net461) (>= netstandard1.6)
      System.Threading (>= 4.0.11) - restriction: && (>= net461) (>= netstandard1.6)
      System.Threading.Tasks (>= 4.0.11) - restriction: && (>= net461) (>= netstandard1.6)
      System.Threading.Tasks.Parallel (>= 4.0.1) - restriction: && (>= net461) (>= netstandard1.6)
      System.Threading.Thread (>= 4.0) - restriction: && (>= net461) (>= netstandard1.6)
      System.Threading.ThreadPool (>= 4.0.10) - restriction: && (>= net461) (>= netstandard1.6)
      System.Threading.Timer (>= 4.0.1) - restriction: && (>= net461) (>= netstandard1.6)
    Microsoft.NETCore.Platforms (2.0) - restriction: && (>= net461) (>= netstandard1.6)
    Microsoft.NETCore.Targets (2.0) - restriction: && (>= net461) (>= netstandard1.6)
    Microsoft.Win32.Primitives (4.3) - restriction: && (>= net461) (>= netstandard1.6)
    NETStandard.Library (2.0) - restriction: && (>= net461) (>= netstandard1.6)
      Microsoft.NETCore.Platforms (>= 1.1)
    runtime.debian.8-x64.runtime.native.System.Security.Cryptography.OpenSsl (4.3.2) - restriction: && (>= net461) (>= netstandard1.6)
    runtime.fedora.23-x64.runtime.native.System.Security.Cryptography.OpenSsl (4.3.2) - restriction: && (>= net461) (>= netstandard1.6)
    runtime.fedora.24-x64.runtime.native.System.Security.Cryptography.OpenSsl (4.3.2) - restriction: && (>= net461) (>= netstandard1.6)
    runtime.native.System (4.3) - restriction: && (>= net461) (>= netstandard1.6)
      Microsoft.NETCore.Platforms (>= 1.1)
      Microsoft.NETCore.Targets (>= 1.1)
    runtime.native.System.Net.Http (4.3) - restriction: && (>= net461) (>= netstandard1.6)
      Microsoft.NETCore.Platforms (>= 1.1)
      Microsoft.NETCore.Targets (>= 1.1)
    runtime.native.System.Net.Security (4.3) - restriction: && (>= net461) (>= netstandard1.6)
      Microsoft.NETCore.Platforms (>= 1.1)
      Microsoft.NETCore.Targets (>= 1.1)
    runtime.native.System.Security.Cryptography.Apple (4.3.1) - restriction: && (>= net461) (>= netstandard1.6)
      runtime.osx.10.10-x64.runtime.native.System.Security.Cryptography.Apple (>= 4.3.1)
    runtime.native.System.Security.Cryptography.OpenSsl (4.3.2) - restriction: && (>= net461) (>= netstandard1.6)
      runtime.debian.8-x64.runtime.native.System.Security.Cryptography.OpenSsl (>= 4.3.2)
      runtime.fedora.23-x64.runtime.native.System.Security.Cryptography.OpenSsl (>= 4.3.2)
      runtime.fedora.24-x64.runtime.native.System.Security.Cryptography.OpenSsl (>= 4.3.2)
      runtime.opensuse.13.2-x64.runtime.native.System.Security.Cryptography.OpenSsl (>= 4.3.2)
      runtime.opensuse.42.1-x64.runtime.native.System.Security.Cryptography.OpenSsl (>= 4.3.2)
      runtime.osx.10.10-x64.runtime.native.System.Security.Cryptography.OpenSsl (>= 4.3.2)
      runtime.rhel.7-x64.runtime.native.System.Security.Cryptography.OpenSsl (>= 4.3.2)
      runtime.ubuntu.14.04-x64.runtime.native.System.Security.Cryptography.OpenSsl (>= 4.3.2)
      runtime.ubuntu.16.04-x64.runtime.native.System.Security.Cryptography.OpenSsl (>= 4.3.2)
      runtime.ubuntu.16.10-x64.runtime.native.System.Security.Cryptography.OpenSsl (>= 4.3.2)
    runtime.opensuse.13.2-x64.runtime.native.System.Security.Cryptography.OpenSsl (4.3.2) - restriction: && (>= net461) (>= netstandard1.6)
    runtime.opensuse.42.1-x64.runtime.native.System.Security.Cryptography.OpenSsl (4.3.2) - restriction: && (>= net461) (>= netstandard1.6)
    runtime.osx.10.10-x64.runtime.native.System.Security.Cryptography.Apple (4.3.1) - restriction: && (>= net461) (>= netstandard1.6)
    runtime.osx.10.10-x64.runtime.native.System.Security.Cryptography.OpenSsl (4.3.2) - restriction: && (>= net461) (>= netstandard1.6)
    runtime.rhel.7-x64.runtime.native.System.Security.Cryptography.OpenSsl (4.3.2) - restriction: && (>= net461) (>= netstandard1.6)
    runtime.ubuntu.14.04-x64.runtime.native.System.Security.Cryptography.OpenSsl (4.3.2) - restriction: && (>= net461) (>= netstandard1.6)
    runtime.ubuntu.16.04-x64.runtime.native.System.Security.Cryptography.OpenSsl (4.3.2) - restriction: && (>= net461) (>= netstandard1.6)
    runtime.ubuntu.16.10-x64.runtime.native.System.Security.Cryptography.OpenSsl (4.3.2) - restriction: && (>= net461) (>= netstandard1.6)
    Suave (2.2.1)
      FSharp.Core (>= 4.0.0.1) - restriction: && (>= net461) (< netstandard1.6)
      FSharp.Core (>= 4.1.17) - restriction: && (>= net461) (>= netstandard1.6)
      NETStandard.Library (>= 1.6.1) - restriction: && (>= net461) (>= netstandard1.6)
      System.Data.Common (>= 4.1) - restriction: && (>= net461) (>= netstandard1.6)
      System.Diagnostics.Process (>= 4.1) - restriction: && (>= net461) (>= netstandard1.6)
      System.Globalization.Extensions (>= 4.3) - restriction: && (>= net461) (>= netstandard1.6)
      System.Net.Security (>= 4.0) - restriction: && (>= net461) (>= netstandard1.6)
      System.Runtime.Serialization.Json (>= 4.0.2) - restriction: && (>= net461) (>= netstandard1.6)
      System.Security.Claims (>= 4.0.1) - restriction: && (>= net461) (>= netstandard1.6)
      System.Security.Cryptography.Primitives (>= 4.3) - restriction: && (>= net461) (>= netstandard1.6)
    System.Collections (4.3) - restriction: && (>= net461) (>= netstandard1.6)
    System.Collections.Concurrent (4.3) - restriction: && (>= net461) (>= netstandard1.6)
    System.Console (4.3) - restriction: && (>= net461) (>= netstandard1.6)
    System.Data.Common (4.3) - restriction: && (>= net461) (>= netstandard1.6)
    System.Diagnostics.Debug (4.3) - restriction: && (>= net461) (>= netstandard1.6)
    System.Diagnostics.Process (4.3) - restriction: && (>= net461) (>= netstandard1.6)
    System.Diagnostics.Tools (4.3) - restriction: && (>= net461) (>= netstandard1.6)
    System.Diagnostics.Tracing (4.3) - restriction: && (>= net461) (>= netstandard1.6)
    System.Globalization (4.3) - restriction: && (>= net461) (>= netstandard1.6)
    System.Globalization.Calendars (4.3) - restriction: && (>= net461) (>= netstandard1.6)
    System.Globalization.Extensions (4.3) - restriction: && (>= net461) (>= netstandard1.6)
    System.IO (4.3) - restriction: && (>= net461) (>= netstandard1.6)
    System.IO.FileSystem (4.3) - restriction: && (>= net461) (>= netstandard1.6)
      System.IO.FileSystem.Primitives (>= 4.3)
    System.IO.FileSystem.Primitives (4.3) - restriction: && (>= net461) (>= netstandard1.6)
    System.Linq (4.3) - restriction: && (>= net461) (>= netstandard1.6)
      System.Collections (>= 4.3) - restriction: || (&& (>= dnxcore50) (>= net461)) (&& (< net45) (>= net461) (< netstandard1.6)) (&& (>= net461) (>= netstandard1.6))
      System.Diagnostics.Debug (>= 4.3) - restriction: || (&& (>= dnxcore50) (>= net461)) (&& (>= net461) (>= netstandard1.6))
      System.Resources.ResourceManager (>= 4.3) - restriction: || (&& (>= dnxcore50) (>= net461)) (&& (>= net461) (>= netstandard1.6))
      System.Runtime (>= 4.3) - restriction: || (&& (>= dnxcore50) (>= net461)) (&& (< net45) (>= net461) (< netstandard1.6)) (&& (>= net461) (>= netstandard1.6))
      System.Runtime.Extensions (>= 4.3) - restriction: || (&& (>= dnxcore50) (>= net461)) (&& (>= net461) (>= netstandard1.6))
    System.Linq.Expressions (4.3) - restriction: && (>= net461) (>= netstandard1.6)
      System.Collections (>= 4.3) - restriction: || (&& (>= dnxcore50) (>= net461)) (&& (>= net461) (>= netstandard1.6))
      System.Diagnostics.Debug (>= 4.3) - restriction: || (&& (>= dnxcore50) (>= net461)) (&& (>= net461) (>= netstandard1.6))
      System.Globalization (>= 4.3) - restriction: || (&& (>= dnxcore50) (>= net461)) (&& (>= net461) (>= netstandard1.6))
      System.IO (>= 4.3) - restriction: || (&& (>= dnxcore50) (>= net461)) (&& (>= net461) (>= netstandard1.6))
      System.Linq (>= 4.3) - restriction: || (&& (>= dnxcore50) (>= net461)) (&& (>= net461) (>= netstandard1.6))
      System.ObjectModel (>= 4.3) - restriction: && (>= net461) (>= netstandard1.6)
      System.Reflection (>= 4.3) - restriction: || (&& (>= dnxcore50) (>= net461)) (&& (< net45) (>= net461) (< netstandard1.3)) (&& (< net45) (>= net461) (< netstandard1.6)) (&& (>= net461) (>= netstandard1.6))
      System.Reflection.Emit (>= 4.3) - restriction: && (>= net461) (>= netstandard1.6)
      System.Reflection.Emit.ILGeneration (>= 4.3) - restriction: || (&& (>= dnxcore50) (>= net461)) (&& (>= net461) (>= netstandard1.6))
      System.Reflection.Emit.Lightweight (>= 4.3) - restriction: || (&& (>= dnxcore50) (>= net461)) (&& (>= net461) (>= netstandard1.6))
      System.Reflection.Extensions (>= 4.3) - restriction: || (&& (>= dnxcore50) (>= net461)) (&& (>= net461) (>= netstandard1.6))
      System.Reflection.Primitives (>= 4.3) - restriction: || (&& (>= dnxcore50) (>= net461)) (&& (>= net461) (>= netstandard1.6))
      System.Reflection.TypeExtensions (>= 4.3) - restriction: || (&& (>= dnxcore50) (>= net461)) (&& (>= net461) (>= netstandard1.6))
      System.Resources.ResourceManager (>= 4.3) - restriction: || (&& (>= dnxcore50) (>= net461)) (&& (>= net461) (>= netstandard1.6))
      System.Runtime (>= 4.3) - restriction: || (&& (>= dnxcore50) (>= net461)) (&& (< net45) (>= net461) (< netstandard1.3)) (&& (< net45) (>= net461) (< netstandard1.6)) (&& (>= net461) (>= netstandard1.6))
      System.Runtime.Extensions (>= 4.3) - restriction: || (&& (>= dnxcore50) (>= net461)) (&& (>= net461) (>= netstandard1.6))
      System.Threading (>= 4.3) - restriction: || (&& (>= dnxcore50) (>= net461)) (&& (>= net461) (>= netstandard1.6))
    System.Linq.Queryable (4.3) - restriction: && (>= net461) (>= netstandard1.6)
    System.Net.Primitives (4.3) - restriction: && (>= net461) (>= netstandard1.6)
    System.Net.Requests (4.3) - restriction: && (>= net461) (>= netstandard1.6)
    System.Net.Security (4.3.2) - restriction: && (>= net461) (>= netstandard1.6)
      Microsoft.NETCore.Platforms (>= 1.1) - restriction: || (&& (< net46) (>= net461) (< netstandard1.6)) (&& (>= net461) (>= netstandard1.6))
      Microsoft.Win32.Primitives (>= 4.3) - restriction: || (&& (< net46) (>= net461) (< netstandard1.6)) (&& (>= net461) (>= netstandard1.6))
      runtime.native.System (>= 4.3) - restriction: && (>= net461) (>= netstandard1.6)
      runtime.native.System.Net.Security (>= 4.3) - restriction: && (>= net461) (>= netstandard1.6)
      runtime.native.System.Security.Cryptography.OpenSsl (>= 4.3.2) - restriction: && (>= net461) (>= netstandard1.6)
      System.Collections (>= 4.3) - restriction: || (&& (< net46) (>= net461) (< netstandard1.6)) (&& (>= net461) (>= netstandard1.6))
      System.Collections.Concurrent (>= 4.3) - restriction: || (&& (< net46) (>= net461) (< netstandard1.6)) (&& (>= net461) (>= netstandard1.6))
      System.Diagnostics.Tracing (>= 4.3) - restriction: || (&& (< net46) (>= net461) (< netstandard1.6)) (&& (>= net461) (>= netstandard1.6))
      System.Globalization (>= 4.3) - restriction: || (&& (< net46) (>= net461) (< netstandard1.6)) (&& (>= net461) (>= netstandard1.6))
      System.Globalization.Extensions (>= 4.3) - restriction: && (>= net461) (>= netstandard1.6)
      System.IO (>= 4.3) - restriction: || (&& (< net46) (>= net461) (< netstandard1.6)) (&& (>= net461) (>= netstandard1.6))
      System.Net.Primitives (>= 4.3) - restriction: || (&& (< net46) (>= net461) (< netstandard1.6)) (&& (>= net461) (>= netstandard1.6))
      System.Resources.ResourceManager (>= 4.3) - restriction: || (&& (< net46) (>= net461) (< netstandard1.6)) (&& (>= net461) (>= netstandard1.6))
      System.Runtime (>= 4.3) - restriction: || (&& (< net46) (>= net461) (< netstandard1.6)) (&& (>= net461) (>= netstandard1.6))
      System.Runtime.Extensions (>= 4.3) - restriction: || (&& (< net46) (>= net461) (< netstandard1.6)) (&& (>= net461) (>= netstandard1.6))
      System.Runtime.Handles (>= 4.3) - restriction: || (&& (< net46) (>= net461) (< netstandard1.6)) (&& (>= net461) (>= netstandard1.6))
      System.Runtime.InteropServices (>= 4.3) - restriction: || (&& (< net46) (>= net461) (< netstandard1.6)) (&& (>= net461) (>= netstandard1.6))
      System.Security.Claims (>= 4.3) - restriction: || (&& (< net46) (>= net461) (< netstandard1.6)) (&& (>= net461) (>= netstandard1.6))
      System.Security.Cryptography.Algorithms (>= 4.3) - restriction: && (>= net461) (>= netstandard1.6)
      System.Security.Cryptography.Encoding (>= 4.3) - restriction: || (&& (< net46) (>= net461) (< netstandard1.6)) (&& (>= net461) (>= netstandard1.6))
      System.Security.Cryptography.OpenSsl (>= 4.3) - restriction: && (>= net461) (>= netstandard1.6)
      System.Security.Cryptography.Primitives (>= 4.3) - restriction: || (&& (< net46) (>= net461) (< netstandard1.6)) (&& (>= net461) (>= netstandard1.6))
      System.Security.Cryptography.X509Certificates (>= 4.3)
      System.Security.Principal (>= 4.3) - restriction: || (&& (< net46) (>= net461) (< netstandard1.6)) (&& (>= net461) (>= netstandard1.6))
      System.Text.Encoding (>= 4.3) - restriction: && (>= net461) (>= netstandard1.6)
      System.Threading (>= 4.3) - restriction: || (&& (< net46) (>= net461) (< netstandard1.6)) (&& (>= net461) (>= netstandard1.6))
      System.Threading.Tasks (>= 4.3) - restriction: || (&& (< net46) (>= net461) (< netstandard1.6)) (&& (>= net461) (>= netstandard1.6))
      System.Threading.ThreadPool (>= 4.3) - restriction: || (&& (< net46) (>= net461) (< netstandard1.6)) (&& (>= net461) (>= netstandard1.6))
    System.ObjectModel (4.3) - restriction: && (>= net461) (>= netstandard1.6)
    System.Reflection (4.3) - restriction: && (>= net461) (>= netstandard1.6)
    System.Reflection.Emit (4.3) - restriction: && (>= net461) (>= netstandard1.6)
    System.Reflection.Emit.ILGeneration (4.3) - restriction: && (>= net461) (>= netstandard1.6)
    System.Reflection.Emit.Lightweight (4.3) - restriction: && (>= net461) (>= netstandard1.6)
    System.Reflection.Extensions (4.3) - restriction: && (>= net461) (>= netstandard1.6)
    System.Reflection.Primitives (4.3) - restriction: && (>= net461) (>= netstandard1.6)
    System.Reflection.TypeExtensions (4.4) - restriction: && (>= net461) (>= netstandard1.6)
    System.Resources.ResourceManager (4.3) - restriction: && (>= net461) (>= netstandard1.6)
    System.Runtime (4.3) - restriction: || (&& (>= net461) (>= netcoreapp1.1)) (&& (>= net461) (>= netstandard1.6))
    System.Runtime.Extensions (4.3) - restriction: && (>= net461) (>= netstandard1.6)
    System.Runtime.Handles (4.3) - restriction: && (>= net461) (>= netstandard1.6)
    System.Runtime.InteropServices (4.3) - restriction: && (>= net461) (>= netstandard1.6)
      System.Runtime (>= 4.3) - restriction: || (&& (>= dnxcore50) (>= net461)) (&& (< net45) (>= net461) (< netstandard1.2)) (&& (< net45) (>= net461) (< netstandard1.3)) (&& (< net45) (>= net461) (>= netstandard1.5)) (&& (< net45) (>= net461) (< netstandard1.5)) (&& (>= net461) (>= netcoreapp1.1)) (>= net462)
    System.Runtime.Numerics (4.3) - restriction: && (>= net461) (>= netstandard1.6)
    System.Runtime.Serialization.Json (4.3) - restriction: && (>= net461) (>= netstandard1.6)
    System.Security.Claims (4.3) - restriction: && (>= net461) (>= netstandard1.6)
    System.Security.Cryptography.Algorithms (4.3) - restriction: && (>= net461) (>= netstandard1.6)
      Microsoft.NETCore.Platforms (>= 1.1) - restriction: || (&& (>= dnxcore50) (>= net461)) (&& (>= net461) (>= netstandard1.6))
      runtime.native.System.Security.Cryptography.Apple (>= 4.3) - restriction: && (>= net461) (>= netstandard1.6)
      runtime.native.System.Security.Cryptography.OpenSsl (>= 4.3) - restriction: && (>= net461) (>= netstandard1.6)
      System.Collections (>= 4.3) - restriction: && (>= net461) (>= netstandard1.6)
      System.IO (>= 4.3) - restriction: || (&& (>= dnxcore50) (>= net461)) (&& (< net46) (>= net461) (< netstandard1.4)) (&& (< net46) (>= net461) (< netstandard1.6)) (&& (>= net461) (>= netstandard1.6)) (>= net463)
      System.Resources.ResourceManager (>= 4.3) - restriction: || (&& (>= dnxcore50) (>= net461)) (&& (>= net461) (>= netstandard1.6))
      System.Runtime (>= 4.3) - restriction: || (&& (>= dnxcore50) (>= net461)) (&& (< net46) (>= net461) (< netstandard1.4)) (&& (< net46) (>= net461) (< netstandard1.6)) (&& (>= net461) (>= netstandard1.6)) (>= net463)
      System.Runtime.Extensions (>= 4.3) - restriction: || (&& (>= dnxcore50) (>= net461)) (&& (>= net461) (>= netstandard1.6))
      System.Runtime.Handles (>= 4.3) - restriction: || (&& (>= dnxcore50) (>= net461)) (&& (>= net461) (>= netstandard1.6))
      System.Runtime.InteropServices (>= 4.3) - restriction: || (&& (>= dnxcore50) (>= net461)) (&& (>= net461) (>= netstandard1.6))
      System.Runtime.Numerics (>= 4.3) - restriction: && (>= net461) (>= netstandard1.6)
      System.Security.Cryptography.Encoding (>= 4.3) - restriction: || (&& (>= dnxcore50) (>= net461)) (&& (>= net461) (>= netstandard1.6)) (>= net463)
      System.Security.Cryptography.Primitives (>= 4.3)
      System.Text.Encoding (>= 4.3) - restriction: || (&& (>= dnxcore50) (>= net461)) (&& (>= net461) (>= netstandard1.6))
    System.Security.Cryptography.Cng (4.4) - restriction: && (>= net461) (>= netstandard1.6)
    System.Security.Cryptography.Csp (4.3) - restriction: && (>= net461) (>= netstandard1.6)
      System.Security.Cryptography.Algorithms (>= 4.3)
      System.Security.Cryptography.Primitives (>= 4.3)
    System.Security.Cryptography.Encoding (4.3) - restriction: || (&& (>= net461) (>= netstandard1.6)) (&& (>= net463) (>= netstandard1.6))
    System.Security.Cryptography.OpenSsl (4.4) - restriction: && (>= net461) (>= netstandard1.6)
    System.Security.Cryptography.Primitives (4.3) - restriction: && (>= net461) (>= netstandard1.6)
    System.Security.Cryptography.X509Certificates (4.3.1) - restriction: && (>= net461) (>= netstandard1.6)
      Microsoft.NETCore.Platforms (>= 1.1) - restriction: || (&& (>= dnxcore50) (>= net461)) (&& (>= net461) (>= netstandard1.6))
      runtime.native.System (>= 4.3) - restriction: && (>= net461) (>= netstandard1.6)
      runtime.native.System.Net.Http (>= 4.3) - restriction: && (>= net461) (>= netstandard1.6)
      runtime.native.System.Security.Cryptography.OpenSsl (>= 4.3.2) - restriction: && (>= net461) (>= netstandard1.6)
      System.Collections (>= 4.3) - restriction: || (&& (>= dnxcore50) (>= net461)) (&& (>= net461) (>= netstandard1.6))
      System.Diagnostics.Debug (>= 4.3) - restriction: && (>= net461) (>= netstandard1.6)
      System.Globalization (>= 4.3) - restriction: || (&& (>= dnxcore50) (>= net461)) (&& (>= net461) (>= netstandard1.6))
      System.Globalization.Calendars (>= 4.3) - restriction: || (&& (>= dnxcore50) (>= net461)) (&& (>= net461) (>= netstandard1.6))
      System.IO (>= 4.3) - restriction: || (&& (>= dnxcore50) (>= net461)) (&& (>= net461) (>= netstandard1.6))
      System.IO.FileSystem (>= 4.3) - restriction: || (&& (>= dnxcore50) (>= net461)) (&& (>= net461) (>= netstandard1.6))
      System.IO.FileSystem.Primitives (>= 4.3) - restriction: && (>= net461) (>= netstandard1.6)
      System.Resources.ResourceManager (>= 4.3) - restriction: || (&& (>= dnxcore50) (>= net461)) (&& (>= net461) (>= netstandard1.6))
      System.Runtime (>= 4.3) - restriction: || (&& (>= dnxcore50) (>= net461)) (&& (< net46) (>= net461) (< netstandard1.4)) (&& (< net46) (>= net461) (< netstandard1.6)) (&& (>= net461) (>= netstandard1.6))
      System.Runtime.Extensions (>= 4.3) - restriction: || (&& (>= dnxcore50) (>= net461)) (&& (>= net461) (>= netstandard1.6))
      System.Runtime.Handles (>= 4.3) - restriction: || (&& (>= dnxcore50) (>= net461)) (&& (< net46) (>= net461) (< netstandard1.4)) (&& (< net46) (>= net461) (< netstandard1.6)) (&& (>= net461) (>= netstandard1.6))
      System.Runtime.InteropServices (>= 4.3) - restriction: || (&& (>= dnxcore50) (>= net461)) (&& (>= net461) (>= netstandard1.6))
      System.Runtime.Numerics (>= 4.3) - restriction: || (&& (>= dnxcore50) (>= net461)) (&& (>= net461) (>= netstandard1.6))
      System.Security.Cryptography.Algorithms (>= 4.3)
      System.Security.Cryptography.Cng (>= 4.3) - restriction: || (&& (>= dnxcore50) (>= net461)) (&& (>= net461) (>= netstandard1.6))
      System.Security.Cryptography.Csp (>= 4.3) - restriction: && (>= net461) (>= netstandard1.6)
      System.Security.Cryptography.Encoding (>= 4.3)
      System.Security.Cryptography.OpenSsl (>= 4.3) - restriction: && (>= net461) (>= netstandard1.6)
      System.Security.Cryptography.Primitives (>= 4.3) - restriction: || (&& (>= dnxcore50) (>= net461)) (&& (>= net461) (>= netstandard1.6))
      System.Text.Encoding (>= 4.3) - restriction: || (&& (>= dnxcore50) (>= net461)) (&& (>= net461) (>= netstandard1.6))
      System.Threading (>= 4.3) - restriction: || (&& (>= dnxcore50) (>= net461)) (&& (>= net461) (>= netstandard1.6))
    System.Security.Principal (4.3) - restriction: && (>= net461) (>= netstandard1.6)
    System.Text.Encoding (4.3) - restriction: && (>= net461) (>= netstandard1.6)
    System.Text.RegularExpressions (4.3) - restriction: && (>= net461) (>= netstandard1.6)
      System.Collections (>= 4.3) - restriction: || (&& (>= dnxcore50) (>= net461)) (&& (>= net461) (>= netstandard1.6))
      System.Globalization (>= 4.3) - restriction: || (&& (>= dnxcore50) (>= net461)) (&& (>= net461) (>= netstandard1.6))
      System.Resources.ResourceManager (>= 4.3) - restriction: || (&& (>= dnxcore50) (>= net461)) (&& (>= net461) (>= netstandard1.6))
      System.Runtime (>= 4.3) - restriction: || (&& (>= dnxcore50) (>= net461)) (&& (< net45) (>= net461) (< netstandard1.3)) (&& (< net45) (>= net461) (< netstandard1.6)) (&& (>= net461) (>= netcoreapp1.1)) (&& (>= net461) (>= netstandard1.6))
      System.Runtime.Extensions (>= 4.3) - restriction: || (&& (>= dnxcore50) (>= net461)) (&& (>= net461) (>= netstandard1.6))
      System.Threading (>= 4.3) - restriction: || (&& (>= dnxcore50) (>= net461)) (&& (>= net461) (>= netstandard1.6))
    System.Threading (4.3) - restriction: && (>= net461) (>= netstandard1.6)
    System.Threading.Tasks (4.3) - restriction: && (>= net461) (>= netstandard1.6)
    System.Threading.Tasks.Parallel (4.3) - restriction: && (>= net461) (>= netstandard1.6)
    System.Threading.Thread (4.3) - restriction: && (>= net461) (>= netstandard1.6)
    System.Threading.ThreadPool (4.3) - restriction: && (>= net461) (>= netstandard1.6)
    System.Threading.Timer (4.3) - restriction: && (>= net461) (>= netstandard1.6)
